GEM
  remote: http://rubygems.org/
  specs:
    mail (2.7.1)
      mini_mime (>= 0.1.1)
    mini_mime (1.0.1)
    mini_portile2 (2.4.0)
    nokogiri (1.10.1)
      mini_portile2 (~> 2.4.0)
    rufo (0.6.0)

PLATFORMS
  ruby

DEPENDENCIES
  mail
  nokogiri
  rufo

BUNDLED WITH
   1.17.2
